GIT
  remote: git@github.com:vpfpinho/sp-job.git
  revision: ce4388ea5893efcd2b97aefcdca615333c6a03d0
  branch: feature/c4
  specs:
    sp-job (0.2.13)
      awesome_print
      backburner
      curb
      ffi
      json
      jwt
      mail
      oauth2
      oauth2-client
      os
      pg
      redis
      roadie
      rollbar

GIT
  remote: https://github.com/vpfpinho/sp-duh
  revision: f6cb1fe4078d20044dda11ca626134e2f4c0525f
  specs:
    sp-duh (2.2.0)
      highline
      rails (~> 3.2)
      sp-excel-loader

PATH
  remote: .
  specs:
    casper-mailbox (0.1.0)
      rails (~> 3.2)
      sp-duh
      sp-job

GEM
  remote: https://rubygems.org/
  specs:
    actionmailer (3.2.22.5)
      actionpack (= 3.2.22.5)
      mail (~> 2.5.4)
    actionpack (3.2.22.5)
      activemodel (= 3.2.22.5)
      activesupport (= 3.2.22.5)
      builder (~> 3.0.0)
      erubis (~> 2.7.0)
      journey (~> 1.0.4)
      rack (~> 1.4.5)
      rack-cache (~> 1.2)
      rack-test (~> 0.6.1)
      sprockets (~> 2.2.1)
    activemodel (3.2.22.5)
      activesupport (= 3.2.22.5)
      builder (~> 3.0.0)
    activerecord (3.2.22.5)
      activemodel (= 3.2.22.5)
      activesupport (= 3.2.22.5)
      arel (~> 3.0.2)
      tzinfo (~> 0.3.29)
    activeresource (3.2.22.5)
      activemodel (= 3.2.22.5)
      activesupport (= 3.2.22.5)
    activesupport (3.2.22.5)
      i18n (~> 0.6, >= 0.6.4)
      multi_json (~> 1.0)
    addressable (2.5.2)
      public_suffix (>= 2.0.2, < 4.0)
    arel (3.0.3)
    awesome_print (1.8.0)
    backburner (1.5.0)
      beaneater (~> 1.0)
      concurrent-ruby (~> 1.0, >= 1.0.1)
      dante (> 0.1.5)
    bcrypt (3.1.12)
    bcrypt-ruby (3.1.5)
      bcrypt (>= 3.1.3)
    beaneater (1.0.0)
    builder (3.0.4)
    concurrent-ruby (1.1.3)
    css_parser (1.6.0)
      addressable
    curb (0.9.7)
    dante (0.2.0)
    erubis (2.7.0)
    faraday (0.15.4)
      multipart-post (>= 1.2, < 3)
    ffi (1.9.25)
    highline (2.0.0)
    hike (1.2.3)
    i18n (0.9.5)
      concurrent-ruby (~> 1.0)
    journey (1.0.4)
    json (1.8.6)
    jwt (2.1.0)
    mail (2.5.5)
      mime-types (~> 1.16)
      treetop (~> 1.4.8)
    mime-types (1.25.1)
    mini_portile2 (2.3.0)
    multi_json (1.13.1)
    multi_xml (0.6.0)
    multipart-post (2.0.0)
    nokogiri (1.8.5)
      mini_portile2 (~> 2.3.0)
    oauth2 (1.4.1)
      faraday (>= 0.8, < 0.16.0)
      jwt (>= 1.0, < 3.0)
      multi_json (~> 1.3)
      multi_xml (~> 0.5)
      rack (>= 1.2, < 3)
    oauth2-client (2.0.0)
      addressable (~> 2.3)
      bcrypt-ruby (~> 3.0)
    os (1.0.0)
    pg (1.1.3)
    polyglot (0.3.5)
    public_suffix (3.0.3)
    rack (1.4.7)
    rack-cache (1.8.0)
      rack (>= 0.4)
    rack-ssl (1.3.4)
      rack
    rack-test (0.6.3)
      rack (>= 1.0)
    rails (3.2.22.5)
      actionmailer (= 3.2.22.5)
      actionpack (= 3.2.22.5)
      activerecord (= 3.2.22.5)
      activeresource (= 3.2.22.5)
      activesupport (= 3.2.22.5)
      bundler (~> 1.0)
      railties (= 3.2.22.5)
    railties (3.2.22.5)
      actionpack (= 3.2.22.5)
      activesupport (= 3.2.22.5)
      rack-ssl (~> 1.3.2)
      rake (>= 0.8.7)
      rdoc (~> 3.4)
      thor (>= 0.14.6, < 2.0)
    rake (10.5.0)
    rdoc (3.12.2)
      json (~> 1.4)
    redis (3.3.5)
    roadie (3.4.0)
      css_parser (~> 1.4)
      nokogiri (~> 1.5)
    rollbar (2.18.0)
      multi_json
    rubyXL (3.3.31)
      nokogiri (>= 1.4.4)
      rubyzip (>= 1.1.6)
    rubyzip (1.2.2)
    sp-excel-loader (0.3.40)
      json
      rubyXL
    sprockets (2.2.3)
      hike (~> 1.2)
      multi_json (~> 1.0)
      rack (~> 1.0)
      tilt (~> 1.1, != 1.3.0)
    thor (0.20.3)
    tilt (1.4.1)
    treetop (1.4.15)
      polyglot
      polyglot (>= 0.3.1)
    tzinfo (0.3.55)

PLATFORMS
  ruby

DEPENDENCIES
  bundler (~> 1.16)
  casper-mailbox!
  rake (~> 10.0)
  sp-duh!
  sp-job!

BUNDLED WITH
   1.16.2
